GEM
  remote: https://rubygems.org/
  specs:
    forme (0.9.0)
    kgio (2.7.4)
    pg (0.17.0)
    rack (1.5.2)
    rack-protection (1.5.0)
      rack
    raindrops (0.10.0)
    sequel (4.5.0)
    sinatra (1.4.3)
      rack (~> 1.4)
      rack-protection (~> 1.4)
      tilt (~> 1.3, >= 1.3.4)
    tilt (1.4.1)
    unicorn (4.7.0)
      kgio (~> 2.6)
      rack
      raindrops (~> 0.7)

PLATFORMS
  ruby

DEPENDENCIES
  forme
  pg
  sequel
  sinatra
  unicorn
