GEM
  remote: https://rubygems.org/
  specs:
    forme (1.0.0)
    kgio (2.8.1)
    pg (0.17.1)
    rack (1.5.2)
    rack-protection (1.5.3)
      rack
    rack_csrf (2.4.0)
      rack (>= 0.9)
    raindrops (0.10.0)
    roda (1.0.0)
      rack
    sequel (4.13.0)
    tilt (1.4.1)
    unicorn (4.8.0)
      kgio (~> 2.6)
      rack
      raindrops (~> 0.7)

PLATFORMS
  ruby

DEPENDENCIES
  forme (>= 0.9.1)
  pg
  rack-protection
  rack_csrf
  roda (>= 1.0.0)
  sequel
  tilt
  unicorn
