GEM
  remote: https://rubygems.org/
  specs:
    enum_csv (1.1.0)
    erubis (2.7.0)
    forme (1.4.0)
    kgio (2.10.0)
    pg (0.18.4)
    rack (1.6.2)
    rack_csrf (2.5.0)
      rack (>= 1.1.0)
    raindrops (0.15.0)
    roda (2.14.0)
      rack
    sequel (4.34.0)
    tilt (2.0.1)
    unicorn (5.0.1)
      kgio (~> 2.6)
      rack
      raindrops (~> 0.7)

PLATFORMS
  ruby

DEPENDENCIES
  enum_csv
  erubis
  forme (>= 1.4.0)
  pg
  rack_csrf
  roda (>= 1.2.0)
  sequel
  tilt
  unicorn

BUNDLED WITH
   1.10.6
