GEM
  remote: https://rubygems.org/
  specs:
    capybara (2.4.4)
      mime-types (>= 1.16)
      nokogiri (>= 1.3.3)
      rack (>= 1.0.0)
      rack-test (>= 0.5.4)
    forme (1.3.0)
    kgio (2.9.2)
    mime-types (2.4.3)
    minitest (5.4.3)
    minitest-hooks (1.0.0)
    nokogiri (1.6.3.1)
    pg (0.18.0)
    rack (1.6.0)
    rack-test (0.6.2)
      rack (>= 1.0)
    rack_csrf (2.5.0)
      rack (>= 1.1.0)
    raindrops (0.10.0)
    roda (2.2.0)
      rack
    sequel (4.22.0)
    tilt (2.0.1)
    unicorn (4.8.0)
      kgio (~> 2.6)
      rack
      raindrops (~> 0.7)

PLATFORMS
  ruby

DEPENDENCIES
  capybara (>= 2.1.0)
  forme (>= 0.9.1)
  minitest
  minitest-hooks
  pg
  rack_csrf
  roda (>= 1.2.0)
  sequel
  tilt
  unicorn
