GEM
  remote: https://api.rubygems.org/
  specs:
    forme (1.2.0)
    kgio (2.9.2)
    pg (0.17.1)
    rack (1.5.2)
    rack-protection (1.5.3)
      rack
    rack_csrf (2.5.0)
      rack (>= 1.1.0)
    raindrops (0.10.0)
    roda (1.2.0)
      rack
    sequel (4.17.0)
    tilt (2.0.1)
    unicorn (4.8.0)
      kgio (~> 2.6)
      rack
      raindrops (~> 0.7)

PLATFORMS
  ruby

DEPENDENCIES
  forme (>= 0.9.1)
  pg
  rack-protection
  rack_csrf
  roda (>= 1.2.0)
  sequel
  tilt
  unicorn
